PATH
  remote: .
  specs:
    nomadic (0.4.2)

GEM
  remote: https://rubygems.org/
  specs:
    cinch (2.3.4)
    json (2.1.0)
    mqtt (0.5.0)
    mustermann (1.1.1)
      ruby2_keywords (~> 0.0.1)
    rack (2.2.3)
    rack-protection (2.1.0)
      rack
    redis (4.2.5)
    redis-objects (1.5.0)
      redis (~> 4.0)
    ruby2_keywords (0.0.2)
    sinatra (2.1.0)
      mustermann (~> 1.0)
      rack (~> 2.2)
      rack-protection (= 2.1.0)
      tilt (~> 2.0)
    tilt (2.0.10)

PLATFORMS
  x86-linux

DEPENDENCIES
  cinch
  json
  mqtt
  nomadic!
  redis-objects
  sinatra

BUNDLED WITH
   2.2.5
