PATH
  remote: .
  specs:
    nomadic (0.4.2)

GEM
  remote: https://rubygems.org/
  specs:
    cinch (2.3.4)
    coderay (1.1.3)
    json (2.1.0)
    kramdown (2.3.0)
      rexml
    method_source (1.0.0)
    mustermann (1.1.1)
      ruby2_keywords (~> 0.0.1)
    paho-mqtt (1.0.12)
    pry (0.13.1)
      coderay (~> 1.1)
      method_source (~> 1.0)
    rack (2.2.3)
    rack-protection (2.1.0)
      rack
    redis (4.2.5)
    redis-objects (1.5.0)
      redis (~> 4.0)
    rexml (3.2.4)
    ruby2_keywords (0.0.2)
    sinatra (2.1.0)
      mustermann (~> 1.0)
      rack (~> 2.2)
      rack-protection (= 2.1.0)
      tilt (~> 2.0)
    tilt (2.0.10)

PLATFORMS
  x86-linux
  x86_64-linux

DEPENDENCIES
  cinch
  json
  kramdown
  nomadic!
  paho-mqtt
  pry
  redis-objects
  sinatra

BUNDLED WITH
   2.2.5
